GEM
  remote: https://rubygems.org/
  specs:
    columnize (0.3.6)
    debugger (1.6.5)
      columnize (>= 0.3.1)
      debugger-linecache (~> 1.2.0)
      debugger-ruby_core_source (~> 1.3.1)
    debugger-linecache (1.2.0)
    debugger-ruby_core_source (1.3.1)
    minitest (5.2.0)
    rake (10.1.1)

PLATFORMS
  ruby

DEPENDENCIES
  debugger
  minitest (~> 5.2.0)
  rake (~> 10.1.1)
